GEM
  remote: https://rubygems.org/
  specs:
    activemodel (4.1.8)
      activesupport (= 4.1.8)
      builder (~> 3.1)
    activerecord (4.1.8)
      activemodel (= 4.1.8)
      activesupport (= 4.1.8)
      arel (~> 5.0.0)
    activesupport (4.1.8)
      i18n (~> 0.6, >= 0.6.9)
      json (~> 1.7, >= 1.7.7)
      minitest (~> 5.1)
      thread_safe (~> 0.1)
      tzinfo (~> 1.1)
    arel (5.0.1.20140414130214)
    builder (3.2.2)
    byebug (4.0.3)
      columnize (= 0.9.0)
    columnize (0.9.0)
    ffi (1.9.8)
    flag_shih_tzu (0.3.2)
      activerecord (>= 2.3.0)
    i18n (0.7.0)
    json (1.8.2)
    levenshtein-ffi (1.1.0)
      ffi (~> 1.9)
    mini_portile (0.6.2)
    minitest (5.5.0)
    nokogiri (1.6.6.2)
      mini_portile (~> 0.6.0)
    thread_safe (0.3.4)
    tzinfo (1.2.2)
      thread_safe (~> 0.1)

PLATFORMS
  ruby

DEPENDENCIES
  activerecord
  byebug
  flag_shih_tzu
  levenshtein-ffi
  nokogiri
